GEM
  remote: https://rubygems.org/
  specs:
    colorize (0.8.1)
    diff-lcs (1.4.4)
    mini_portile2 (2.4.0)
    nokogiri (1.10.10-x64-mingw32)
      mini_portile2 (~> 2.4.0)
    rspec (3.9.0)
      rspec-core (~> 3.9.0)
      rspec-expectations (~> 3.9.0)
      rspec-mocks (~> 3.9.0)
    rspec-core (3.9.3)
      rspec-support (~> 3.9.3)
    rspec-expectations (3.9.2)
      diff-lcs (>= 1.2.0, < 2.0)
      rspec-support (~> 3.9.0)
    rspec-mocks (3.9.1)
      diff-lcs (>= 1.2.0, < 2.0)
      rspec-support (~> 3.9.0)
    rspec-support (3.9.3)

PLATFORMS
  x64-mingw32

DEPENDENCIES
  colorize
  nokogiri
  rspec

BUNDLED WITH
   2.1.4
